PATH
  remote: .
  specs:
    jabber-tee (0)
      choosy (>= 0.4.8)
      highline (>= 1.5.2)
      xmpp4r (>= 0.5)

GEM
  remote: http://rubygems.org/
  specs:
    ZenTest (4.5.0)
    autotest (4.4.6)
      ZenTest (>= 4.4.1)
    autotest-notification (2.3.1)
      autotest (~> 4.3)
    choosy (0.4.9)
    diff-lcs (1.1.2)
    highline (1.6.1)
    rspec (2.5.0)
      rspec-core (~> 2.5.0)
      rspec-expectations (~> 2.5.0)
      rspec-mocks (~> 2.5.0)
    rspec-core (2.5.1)
    rspec-expectations (2.5.0)
      diff-lcs (~> 1.1.2)
    rspec-mocks (2.5.0)
    xmpp4r (0.5)

PLATFORMS
  ruby

DEPENDENCIES
  autotest
  autotest-notification
  jabber-tee!
  rspec
